GEM
  remote: http://rubygems.org/
  specs:
    activesupport (3.2.12)
      i18n (~> 0.6)
      multi_json (~> 1.0)
    addressable (2.3.3)
    awesome_print (1.1.0)
    crack (0.3.2)
    diff-lcs (1.2.1)
    git (1.2.5)
    httparty (0.10.2)
      multi_json (~> 1.0)
      multi_xml (>= 0.5.2)
    i18n (0.6.4)
    jeweler (1.8.4)
      bundler (~> 1.0)
      git (>= 1.2.5)
      rake
      rdoc
    json (1.7.7)
    multi_json (1.6.1)
    multi_xml (0.5.3)
    rake (10.0.3)
    rdoc (4.0.0)
      json (~> 1.4)
    rr (1.0.4)
    rspec (2.13.0)
      rspec-core (~> 2.13.0)
      rspec-expectations (~> 2.13.0)
      rspec-mocks (~> 2.13.0)
    rspec-core (2.13.0)
    rspec-expectations (2.13.0)
      diff-lcs (>= 1.1.3, < 2.0)
    rspec-mocks (2.13.0)
    simplecov (0.7.1)
      multi_json (~> 1.0)
      simplecov-html (~> 0.7.1)
    simplecov-html (0.7.1)
    vcr (2.4.0)
    webmock (1.10.1)
      addressable (>= 2.2.7)
      crack (>= 0.3.2)

PLATFORMS
  ruby

DEPENDENCIES
  activesupport (>= 3.0.0)
  awesome_print
  bundler
  httparty (>= 0.10.0)
  jeweler
  rdoc
  rr
  rspec
  simplecov
  vcr
  webmock
